GEM
  remote: https://rubygems.org/
  specs:
    concurrent-ruby (1.1.5)
    cpf_utils (1.3.1)
    faker (2.1.2)
      i18n (>= 0.8)
    i18n (1.6.0)
      concurrent-ruby (~> 1.0)

PLATFORMS
  ruby

DEPENDENCIES
  cpf_utils
  faker

BUNDLED WITH
   1.17.2
